GEM
  remote: https://rubygems.org/
  specs:
    addressable (2.5.2)
      public_suffix (>= 2.0.2, < 4.0)
    adsf (1.4.1)
      rack (>= 1.0.0, < 3.0.0)
    colored (1.2)
    concurrent-ruby (1.0.5)
    cri (2.13.0)
      colored (~> 1.2)
    ddmemoize (1.0.0)
      ddmetrics (~> 1.0)
      ref (~> 2.0)
    ddmetrics (1.0.1)
    ddplugin (1.0.2)
    hamster (3.0.0)
      concurrent-ruby (~> 1.0)
    kramdown (2.3.1)
      rexml
    nanoc (4.9.4)
      addressable (~> 2.5)
      cri (~> 2.13)
      ddmemoize (~> 1.0)
      ddmetrics (~> 1.0)
      ddplugin (~> 1.0)
      hamster (~> 3.0)
      parallel (~> 1.12)
      ref (~> 2.0)
      slow_enumerator_tools (~> 1.0)
      tomlrb (~> 1.2)
    parallel (1.12.1)
    public_suffix (3.0.3)
    rack (2.0.8)
    ref (2.0.0)
    rexml (3.2.4)
    slow_enumerator_tools (1.1.0)
    tomlrb (1.2.7)

PLATFORMS
  ruby
  x64-mingw32

DEPENDENCIES
  adsf
  kramdown
  nanoc

BUNDLED WITH
   1.16.4
